GEM
  remote: https://rubygems.org/
  specs:
    activesupport (5.0.0)
      concurrent-ruby (~> 1.0, >= 1.0.2)
      i18n (~> 0.7)
      minitest (~> 5.1)
      tzinfo (~> 1.1)
    axiom-types (0.1.1)
      descendants_tracker (~> 0.0.4)
      ice_nine (~> 0.11.0)
      thread_safe (~> 0.3, >= 0.3.1)
    builder (3.2.2)
    coderay (1.1.1)
    coercible (1.0.0)
      descendants_tracker (~> 0.0.1)
    concurrent-ruby (1.0.2)
    database_cleaner (1.5.3)
    descendants_tracker (0.0.4)
      thread_safe (~> 0.3, >= 0.3.1)
    diff-lcs (1.2.5)
    dotenv (2.1.1)
    dry-configurable (0.1.7)
      concurrent-ruby (~> 1.0)
    dry-container (0.3.4)
      concurrent-ruby (~> 1.0)
      dry-configurable (~> 0.1, >= 0.1.3)
    dry-equalizer (0.2.0)
    dry-logic (0.3.0)
      dry-container (~> 0.2, >= 0.2.6)
      dry-equalizer (~> 0.2)
    dry-monads (0.0.2)
    dry-types (0.8.1)
      concurrent-ruby (~> 1.0)
      dry-configurable (~> 0.1)
      dry-container (~> 0.3)
      dry-equalizer (~> 0.2)
      dry-logic (~> 0.3, >= 0.3.0)
      dry-monads (>= 0.0.1)
      ice_nine (~> 0.11)
      inflecto (~> 0.0.0, >= 0.0.2)
    enumerable-lazy (0.0.1)
    equalizer (0.0.11)
    grape (0.17.0)
      activesupport
      builder
      hashie (>= 2.1.0)
      multi_json (>= 1.3.2)
      multi_xml (>= 0.5.2)
      mustermann19 (~> 0.4.3)
      rack (>= 1.3.0)
      rack-accept
      virtus (>= 1.0.0)
    hashie (3.4.4)
    i18n (0.7.0)
    ice_nine (0.11.2)
    inflecto (0.0.2)
    method_source (0.8.2)
    minitest (5.9.0)
    multi_json (1.12.1)
    multi_xml (0.5.5)
    mustermann19 (0.4.4)
      enumerable-lazy
    pg (0.18.4)
    pry (0.10.4)
      coderay (~> 1.1.0)
      method_source (~> 0.8.1)
      slop (~> 3.4)
    rack (2.0.1)
    rack-accept (0.4.5)
      rack (>= 0.4)
    rack-test (0.6.3)
      rack (>= 1.0)
    rom (2.0.0)
      concurrent-ruby (~> 1.0)
      dry-equalizer (~> 0.2)
      dry-types (~> 0.8)
      rom-mapper (~> 0.4.0)
      rom-support (~> 2.0)
    rom-mapper (0.4.0)
      dry-equalizer (~> 0.2)
      rom-support (~> 2.0.0)
      transproc (~> 0.4.0)
    rom-repository (0.3.1)
      rom (~> 2.0)
      rom-mapper (~> 0.4)
      rom-support (~> 2.0)
    rom-sql (0.8.0)
      dry-equalizer (~> 0.2)
      dry-types (~> 0.8)
      rom (~> 2.0)
      rom-support (~> 2.0)
      sequel (~> 4.25)
    rom-support (2.0.0)
      concurrent-ruby (~> 1.0)
      dry-equalizer (~> 0.2)
      transproc (~> 0.4.0)
      wisper (~> 1.6, >= 1.6.0)
    rspec (3.5.0)
      rspec-core (~> 3.5.0)
      rspec-expectations (~> 3.5.0)
      rspec-mocks (~> 3.5.0)
    rspec-core (3.5.1)
      rspec-support (~> 3.5.0)
    rspec-expectations (3.5.0)
      diff-lcs (>= 1.2.0, < 2.0)
      rspec-support (~> 3.5.0)
    rspec-mocks (3.5.0)
      diff-lcs (>= 1.2.0, < 2.0)
      rspec-support (~> 3.5.0)
    rspec-support (3.5.0)
    sequel (4.37.0)
    shotgun (0.9.1)
      rack (>= 1.0)
    slop (3.6.0)
    thread_safe (0.3.5)
    transproc (0.4.0)
    tzinfo (1.2.2)
      thread_safe (~> 0.1)
    virtus (1.0.5)
      axiom-types (~> 0.1)
      coercible (~> 1.0)
      descendants_tracker (~> 0.0, >= 0.0.3)
      equalizer (~> 0.0, >= 0.0.9)
    wisper (1.6.1)

PLATFORMS
  ruby

DEPENDENCIES
  database_cleaner
  dotenv
  grape
  pg
  pry
  rack-test
  rom-repository
  rom-sql
  rspec
  sequel
  shotgun

BUNDLED WITH
   1.12.5
